PATH
  remote: .
  specs:
    the_railway (0.1.0)

GEM
  remote: https://rubygems.org/
  specs:
    minitest (5.10.3)
    rake (10.5.0)

PLATFORMS
  ruby

DEPENDENCIES
  bundler (~> 1.16)
  minitest
  rake (~> 10.0)
  the_railway!

BUNDLED WITH
   1.16.0
